PATH
  remote: ../gems/custom_fields
  specs:
    custom_fields (2.0.0.rc2)
      activesupport (~> 3.1.3)
      carrierwave-mongoid (~> 0.1.3)
      mongoid (~> 2.4.2)

GEM
  remote: http://rubygems.org/
  specs:
    RedCloth (4.2.9)
    SystemTimer (1.2.3)
    ZenTest (4.6.2)
    actionmailer (3.1.3)
      actionpack (= 3.1.3)
      mail (~> 2.3.0)
    actionmailer-with-request (0.3.0)
      rails (>= 3)
    actionpack (3.1.3)
      activemodel (= 3.1.3)
      activesupport (= 3.1.3)
      builder (~> 3.0.0)
      erubis (~> 2.7.0)
      i18n (~> 0.6)
      rack (~> 1.3.5)
      rack-cache (~> 1.1)
      rack-mount (~> 0.8.2)
      rack-test (~> 0.6.1)
      sprockets (~> 2.0.3)
    activemodel (3.1.3)
      activesupport (= 3.1.3)
      builder (~> 3.0.0)
      i18n (~> 0.6)
    activerecord (3.1.3)
      activemodel (= 3.1.3)
      activesupport (= 3.1.3)
      arel (~> 2.2.1)
      tzinfo (~> 0.3.29)
    activeresource (3.1.3)
      activemodel (= 3.1.3)
      activesupport (= 3.1.3)
    activesupport (3.1.3)
      multi_json (~> 1.0)
    addressable (2.2.6)
    arel (2.2.1)
    autotest (4.4.6)
      ZenTest (>= 4.4.1)
    bcrypt-ruby (3.0.1)
    bson (1.5.2)
    bson_ext (1.5.2)
      bson (= 1.5.2)
    builder (3.0.0)
    cancan (1.6.7)
    capybara (1.1.2)
      mime-types (>= 1.16)
      nokogiri (>= 1.3.3)
      rack (>= 1.0.0)
      rack-test (>= 0.5.4)
      selenium-webdriver (~> 2.0)
      xpath (~> 0.1.4)
    carrierwave (0.5.8)
      activesupport (~> 3.0)
    carrierwave-mongoid (0.1.3)
      carrierwave (>= 0.5.6)
      mongoid (~> 2.1)
    cells (3.8.0)
      actionpack (~> 3.0)
      railties (~> 3.0)
    childprocess (0.3.0)
      ffi (~> 1.0.6)
    chunky_png (1.2.5)
    codemirror-rails (2.21)
      railties (~> 3.0)
    coffee-script (2.2.0)
      coffee-script-source
      execjs
    coffee-script-source (1.2.0)
    compass (0.12.alpha.4)
      chunky_png (~> 1.2)
      fssm (>= 0.2.7)
      sass (~> 3.1)
    cucumber (1.1.4)
      builder (>= 2.1.2)
      diff-lcs (>= 1.1.2)
      gherkin (~> 2.7.1)
      json (>= 1.4.6)
      term-ansicolor (>= 1.0.6)
    cucumber-rails (1.2.1)
      capybara (>= 1.1.2)
      cucumber (>= 1.1.3)
      nokogiri (>= 1.5.0)
    database_cleaner (0.7.1)
    devise (1.5.3)
      bcrypt-ruby (~> 3.0)
      orm_adapter (~> 0.0.3)
      warden (~> 1.1)
    diff-lcs (1.1.3)
    dragonfly (0.9.10)
      rack
    ejs (1.0.0)
    erubis (2.7.0)
    excon (0.7.12)
    execjs (1.3.0)
      multi_json (~> 1.0)
    factory_girl (2.2.0)
      activesupport
    factory_girl_rails (1.3.0)
      factory_girl (~> 2.2.0)
      railties (>= 3.0.0)
    ffi (1.0.11)
    flash_cookie_session (1.1.1)
      rails (~> 3.0)
    fog (1.0.0)
      builder
      excon (~> 0.7.3)
      formatador (~> 0.2.0)
      mime-types
      multi_json (~> 1.0.3)
      net-scp (~> 1.0.4)
      net-ssh (~> 2.1.4)
      nokogiri (~> 1.5.0)
      ruby-hmac
    formatador (0.2.1)
    formtastic (2.0.2)
      rails (~> 3.0)
    fssm (0.2.8.1)
    gherkin (2.7.6)
      json (>= 1.4.6)
    growl-glue (1.0.7)
    haml (3.1.4)
    highline (1.6.11)
    hike (1.2.1)
    httparty (0.8.1)
      multi_json
      multi_xml
    i18n (0.6.0)
    jquery-rails (1.0.19)
      railties (~> 3.0)
      thor (~> 0.14)
    json (1.6.5)
    kaminari (0.13.0)
      actionpack (>= 3.0.0)
      activesupport (>= 3.0.0)
      railties (>= 3.0.0)
    kgio (2.7.2)
    launchy (2.0.5)
      addressable (~> 2.2.6)
    locomotive-aloha-rails (0.20.1)
      actionpack (~> 3.1.3)
    locomotive-tinymce-rails (3.4.7)
      actionpack (~> 3.1.3)
    locomotive_liquid (2.2.2)
    locomotive_mongoid_acts_as_tree (0.1.5.8)
    mail (2.3.0)
      i18n (>= 0.4.0)
      mime-types (~> 1.16)
      treetop (~> 1.4.8)
    mime-types (1.17.2)
    mimetype-fu (0.1.2)
    mocha (0.9.12)
    mongo (1.5.2)
      bson (= 1.5.2)
    mongoid (2.4.2)
      activemodel (~> 3.1)
      mongo (~> 1.3)
      tzinfo (~> 0.3.22)
    multi_json (1.0.4)
    multi_xml (0.4.1)
    net-scp (1.0.4)
      net-ssh (>= 1.99.1)
    net-ssh (2.1.4)
    nokogiri (1.5.0)
    orm_adapter (0.0.6)
    pickle (0.4.10)
      cucumber (>= 0.8)
      rake
    polyglot (0.3.3)
    rack (1.3.6)
    rack-cache (1.1)
      rack (>= 0.4)
    rack-mount (0.8.3)
      rack (>= 1.0.0)
    rack-ssl (1.3.2)
      rack
    rack-test (0.6.1)
      rack (>= 1.0)
    rails (3.1.3)
      actionmailer (= 3.1.3)
      actionpack (= 3.1.3)
      activerecord (= 3.1.3)
      activeresource (= 3.1.3)
      activesupport (= 3.1.3)
      bundler (~> 1.0)
      railties (= 3.1.3)
    rails-backbone (0.5.4)
      coffee-script (~> 2.2.0)
      ejs (~> 1.0.0)
      rails (~> 3.1.0)
    railties (3.1.3)
      actionpack (= 3.1.3)
      activesupport (= 3.1.3)
      rack-ssl (~> 1.3.2)
      rake (>= 0.8.7)
      rdoc (~> 3.4)
      thor (~> 0.14.6)
    raindrops (0.8.0)
    rake (0.9.2)
    rdoc (3.12)
      json (~> 1.4)
    responders (0.6.5)
    rmagick (2.12.2)
    rspec (2.6.0)
      rspec-core (~> 2.6.0)
      rspec-expectations (~> 2.6.0)
      rspec-mocks (~> 2.6.0)
    rspec-cells (0.1.1)
      rails (~> 3.0)
      rspec-rails (~> 2.2)
    rspec-core (2.6.4)
    rspec-expectations (2.6.0)
      diff-lcs (~> 1.1.2)
    rspec-mocks (2.6.0)
    rspec-rails (2.6.1)
      actionpack (~> 3.0)
      activesupport (~> 3.0)
      railties (~> 3.0)
      rspec (~> 2.6.0)
    ruby-hmac (0.4.0)
    rubyzip (0.9.5)
    sanitize (2.0.3)
      nokogiri (>= 1.4.4, < 1.6)
    sass (3.1.12)
    sass-rails (3.1.5)
      actionpack (~> 3.1.0)
      railties (~> 3.1.0)
      sass (~> 3.1.10)
      tilt (~> 1.3.2)
    selenium-webdriver (2.17.0)
      childprocess (>= 0.2.5)
      ffi (~> 1.0.9)
      multi_json (~> 1.0.4)
      rubyzip
    shoulda-matchers (1.0.0)
    sprockets (2.0.3)
      hike (~> 1.2)
      rack (~> 1.0)
      tilt (~> 1.1, != 1.3.0)
    term-ansicolor (1.0.7)
    thor (0.14.6)
    tilt (1.3.3)
    treetop (1.4.10)
      polyglot
      polyglot (>= 0.3.1)
    tzinfo (0.3.31)
    uglifier (1.0.4)
      execjs (>= 0.3.0)
      multi_json (>= 1.0.2)
    unicorn (4.1.1)
      kgio (~> 2.4)
      rack
      raindrops (~> 0.6)
    warden (1.1.0)
      rack (>= 1.0)
    xpath (0.1.4)
      nokogiri (~> 1.3)

PLATFORMS
  ruby

DEPENDENCIES
  RedCloth (~> 4.2.8)
  SystemTimer
  ZenTest
  actionmailer-with-request (~> 0.3.0)
  autotest
  bson_ext (~> 1.5.2)
  cancan (~> 1.6.7)
  capybara
  carrierwave-mongoid (~> 0.1.3)
  cells (~> 3.8.0)
  codemirror-rails (~> 2.21)
  coffee-script (~> 2.2.0)
  compass (~> 0.12.alpha.4)
  cucumber-rails
  custom_fields!
  database_cleaner
  devise (~> 1.5.3)
  dragonfly (~> 0.9.8)
  factory_girl_rails (~> 1.3.0)
  flash_cookie_session (~> 1.1.1)
  fog (~> 1.0.0)
  formtastic (~> 2.0.2)
  growl-glue
  haml (~> 3.1.3)
  highline (~> 1.6.2)
  httparty (~> 0.8.1)
  jquery-rails (~> 1.0.16)
  kaminari (~> 0.13.0)
  launchy
  locomotive-aloha-rails (~> 0.20.1)
  locomotive-tinymce-rails (~> 3.4.7)
  locomotive_liquid (= 2.2.2)
  locomotive_mongoid_acts_as_tree (~> 0.1.5.8)
  mimetype-fu (~> 0.1.2)
  mocha (= 0.9.12)
  mongo (~> 1.5.2)
  mongoid (~> 2.4.2)
  pickle
  rack-cache (~> 1.1)
  rails (~> 3.1.3)
  rails-backbone (= 0.5.4)
  rake (= 0.9.2)
  responders (~> 0.6.4)
  rmagick (= 2.12.2)
  rspec-cells
  rspec-rails (= 2.6.1)
  sanitize (~> 2.0.3)
  sass-rails (~> 3.1.5)
  shoulda-matchers
  uglifier (~> 1.0.4)
  unicorn
  xpath (~> 0.1.4)
