GIT
  remote: git://github.com/cldwalker/debugger.git
  revision: 5a31c5a439e0a1d3b60056decabb6d3443a51131
  specs:
    debugger (1.6.8)
      columnize (>= 0.3.1)
      debugger-linecache (~> 1.2.0)
      debugger-ruby_core_source (~> 1.3.5)

PATH
  remote: .
  specs:
    locomotive_cms (2.5.7)
      RedCloth (~> 4.2.8)
      actionmailer-with-request (~> 0.4.0)
      cancan (= 1.6.7)
      carrierwave-mongoid (~> 0.6.2)
      cells (~> 3.8.0)
      codemirror-rails (~> 3.13)
      compass-rails (~> 2.0.0)
      custom_fields (~> 2.3.2)
      devise (= 2.2.7)
      devise-encryptable (~> 0.1.1)
      dragonfly (~> 1.0.7)
      flash_cookie_session (~> 1.1.1)
      fog (~> 1.12.1)
      formtastic (~> 2.2.1)
      haml (~> 4.0.2)
      highline (~> 1.6.2)
      httparty (~> 0.11.0)
      jquery-migrate-rails (~> 1.2.1)
      jquery-rails (~> 3.1.3)
      jquery-ui-rails (~> 3.0.1)
      kaminari (~> 0.14.1)
      locomotive-aloha-rails (~> 0.23.2.2)
      locomotive-tinymce-rails (~> 3.5.8.2)
      locomotivecms_solid (~> 0.2.2)
      mime-types (~> 1.19)
      mimetype-fu (~> 0.1.2)
      mongo_session_store-rails3 (~> 4.1.1)
      mongoid (~> 3.1.7)
      mongoid-tree (~> 1.0.3)
      mongoid_migration (~> 0.0.8)
      moped (~> 1.5.3)
      multi_json (~> 1.7.3)
      rack-cache (~> 1.1)
      rails (~> 3.2.21)
      rails-backbone (~> 0.7.2)
      rake (~> 10.0.0)
      redcarpet (~> 3.3.2)
      responders (~> 0.9.2)
      sanitize (= 2.0.3)
      stringex (~> 2.0.3)

GEM
  remote: https://rubygems.org/
  specs:
    RedCloth (4.2.9)
    ZenTest (4.11.0)
    actionmailer (3.2.21)
      actionpack (= 3.2.21)
      mail (~> 2.5.4)
    actionmailer-with-request (0.4.0)
      rails (>= 3)
    actionpack (3.2.21)
      activemodel (= 3.2.21)
      activesupport (= 3.2.21)
      builder (~> 3.0.0)
      erubis (~> 2.7.0)
      journey (~> 1.0.4)
      rack (~> 1.4.5)
      rack-cache (~> 1.2)
      rack-test (~> 0.6.1)
      sprockets (~> 2.2.1)
    activemodel (3.2.21)
      activesupport (= 3.2.21)
      builder (~> 3.0.0)
    activerecord (3.2.21)
      activemodel (= 3.2.21)
      activesupport (= 3.2.21)
      arel (~> 3.0.2)
      tzinfo (~> 0.3.29)
    activeresource (3.2.21)
      activemodel (= 3.2.21)
      activesupport (= 3.2.21)
    activesupport (3.2.21)
      i18n (~> 0.6, >= 0.6.4)
      multi_json (~> 1.0)
    addressable (2.3.6)
    arel (3.0.3)
    autotest (4.4.6)
      ZenTest (>= 4.4.1)
    bcrypt (3.1.10)
    bcrypt-ruby (3.1.5)
      bcrypt (>= 3.1.3)
    bourne (1.5.0)
      mocha (>= 0.13.2, < 0.15)
    builder (3.0.4)
    cancan (1.6.7)
    capybara (2.0.3)
      mime-types (>= 1.16)
      nokogiri (>= 1.3.3)
      rack (>= 1.0.0)
      rack-test (>= 0.5.4)
      selenium-webdriver (~> 2.0)
      xpath (~> 1.0.0)
    carrierwave (0.9.0)
      activemodel (>= 3.2.0)
      activesupport (>= 3.2.0)
      json (>= 1.7)
    carrierwave-mongoid (0.6.3)
      carrierwave (>= 0.8.0, < 0.10.0)
      mongoid (>= 3.0, < 5.0)
      mongoid-grid_fs (~> 1.3)
    cells (3.8.8)
      actionpack (>= 3.0)
      railties (>= 3.0)
    childprocess (0.5.6)
      ffi (~> 1.0, >= 1.0.11)
    chunky_png (1.3.4)
    codemirror-rails (3.24)
      railties (>= 3.0, < 5)
    coffee-rails (3.2.2)
      coffee-script (>= 2.2.0)
      railties (~> 3.2.0)
    coffee-script (2.2.0)
      coffee-script-source
      execjs
    coffee-script-source (1.8.0)
    columnize (0.9.0)
    compass (1.0.3)
      chunky_png (~> 1.2)
      compass-core (~> 1.0.2)
      compass-import-once (~> 1.0.5)
      rb-fsevent (>= 0.9.3)
      rb-inotify (>= 0.9)
      sass (>= 3.3.13, < 3.5)
    compass-core (1.0.3)
      multi_json (~> 1.0)
      sass (>= 3.3.0, < 3.5)
    compass-import-once (1.0.5)
      sass (>= 3.2, < 3.5)
    compass-rails (2.0.4)
      compass (~> 1.0.0)
      sass-rails (<= 5.0.1)
      sprockets (< 2.13)
    cucumber (1.3.19)
      builder (>= 2.1.2)
      diff-lcs (>= 1.1.3)
      gherkin (~> 2.12)
      multi_json (>= 1.7.5, < 2.0)
      multi_test (>= 0.1.2)
    cucumber-rails (1.4.2)
      capybara (>= 1.1.2, < 3)
      cucumber (>= 1.3.8, < 2)
      mime-types (>= 1.16, < 3)
      nokogiri (~> 1.5)
      rails (>= 3, < 5)
    custom_fields (2.3.2)
      activesupport (~> 3.2.13)
      carrierwave-mongoid (~> 0.6.0)
      money (~> 5.0)
      mongoid (~> 3.1.6)
    database_cleaner (1.4.1)
    debugger-linecache (1.2.0)
    debugger-ruby_core_source (1.3.8)
    devise (2.2.7)
      bcrypt-ruby (~> 3.0)
      orm_adapter (~> 0.1)
      railties (~> 3.1)
      warden (~> 1.2.1)
    devise-encryptable (0.1.2)
      devise (>= 2.1.0)
    diff-lcs (1.2.5)
    dragonfly (1.0.10)
      addressable (~> 2.3)
      multi_json (~> 1.0)
      rack (>= 1.3.0)
    ejs (1.0.0)
    erubis (2.7.0)
    eventmachine (1.0.7)
    excon (0.23.0)
    execjs (2.2.1)
    factory_girl (4.2.0)
      activesupport (>= 3.0.0)
    factory_girl_rails (4.2.1)
      factory_girl (~> 4.2.0)
      railties (>= 3.0.0)
    faraday (0.8.9)
      multipart-post (~> 1.2.0)
    faye-websocket (0.4.7)
      eventmachine (>= 0.12.0)
    ffi (1.9.3)
    flash_cookie_session (1.1.6)
      rails (>= 3.0)
    fog (1.12.1)
      builder
      excon (~> 0.23.0)
      formatador (~> 0.2.0)
      mime-types
      multi_json (~> 1.0)
      net-scp (~> 1.1)
      net-ssh (>= 2.1.3)
      nokogiri (~> 1.5.0)
      ruby-hmac
    formatador (0.2.5)
    formtastic (2.2.1)
      actionpack (>= 3.0)
    gherkin (2.12.2)
      multi_json (~> 1.3)
    github_api (0.10.1)
      addressable
      faraday (~> 0.8.1)
      hashie (>= 1.2)
      multi_json (~> 1.4)
      nokogiri (~> 1.5.2)
      oauth2
    haml (4.0.6)
      tilt
    hashie (3.3.1)
    highline (1.6.21)
    hike (1.2.3)
    http_parser.rb (0.5.3)
    httparty (0.11.0)
      multi_json (~> 1.0)
      multi_xml (>= 0.5.2)
    i18n (0.6.11)
    journey (1.0.4)
    jquery-migrate-rails (1.2.1)
    jquery-rails (3.1.3)
      railties (>= 3.0, < 5.0)
      thor (>= 0.14, < 2.0)
    jquery-ui-rails (3.0.1)
      jquery-rails
      railties (>= 3.1.0)
    json (1.8.1)
    json_spec (1.1.4)
      multi_json (~> 1.0)
      rspec (>= 2.0, < 4.0)
    jwt (1.0.0)
    kaminari (0.14.1)
      actionpack (>= 3.0.0)
      activesupport (>= 3.0.0)
    kgio (2.9.2)
    launchy (2.4.2)
      addressable (~> 2.3)
    locomotive-aloha-rails (0.23.2.2)
      actionpack (~> 3.2.13)
    locomotive-tinymce-rails (3.5.8.2)
      actionpack (~> 3.2)
    locomotive_liquid (2.4.2)
    locomotivecms_solid (0.2.2)
      locomotive_liquid (~> 2.4.2)
    mail (2.5.4)
      mime-types (~> 1.16)
      treetop (~> 1.4.8)
    metaclass (0.0.4)
    mime-types (1.25.1)
    mimetype-fu (0.1.2)
    mocha (0.13.3)
      metaclass (~> 0.0.1)
    money (5.1.1)
      i18n (~> 0.6.0)
    mongo_session_store-rails3 (4.1.1)
      actionpack (>= 3.1)
    mongoid (3.1.7)
      activemodel (~> 3.2)
      moped (~> 1.4)
      origin (~> 1.0)
      tzinfo (~> 0.3.29)
    mongoid-grid_fs (1.9.2)
      mime-types (>= 1.19, < 3.0)
      mongoid (>= 3.0, < 5.0)
    mongoid-tree (1.0.4)
      mongoid (>= 3.0, <= 4.0)
    mongoid_migration (0.0.8)
      mongoid (> 2.4)
      rails (~> 3.2)
    moped (1.5.3)
    multi_json (1.7.9)
    multi_test (0.1.2)
    multi_xml (0.5.5)
    multipart-post (1.2.0)
    net-scp (1.2.1)
      net-ssh (>= 2.6.5)
    net-ssh (2.9.2)
    nokogiri (1.5.11)
    oauth2 (1.0.0)
      faraday (>= 0.8, < 0.10)
      jwt (~> 1.0)
      multi_json (~> 1.3)
      multi_xml (~> 0.5)
      rack (~> 1.2)
    origin (1.1.0)
    orm_adapter (0.5.0)
    pickle (0.5.1)
      cucumber (>= 0.8)
      rake
    poltergeist (1.1.2)
      capybara (~> 2.0.1)
      faye-websocket (~> 0.4.4)
      http_parser.rb (~> 0.5.3)
    polyglot (0.3.5)
    power_assert (0.2.2)
    rack (1.4.5)
    rack-cache (1.2)
      rack (>= 0.4)
    rack-ssl (1.3.4)
      rack
    rack-test (0.6.2)
      rack (>= 1.0)
    rails (3.2.21)
      actionmailer (= 3.2.21)
      actionpack (= 3.2.21)
      activerecord (= 3.2.21)
      activeresource (= 3.2.21)
      activesupport (= 3.2.21)
      bundler (~> 1.0)
      railties (= 3.2.21)
    rails-backbone (0.7.2)
      coffee-script (~> 2.2.0)
      ejs (~> 1.0.0)
      railties (>= 3.1.0)
    railties (3.2.21)
      actionpack (= 3.2.21)
      activesupport (= 3.2.21)
      rack-ssl (~> 1.3.2)
      rake (>= 0.8.7)
      rdoc (~> 3.4)
      thor (>= 0.14.6, < 2.0)
    raindrops (0.13.0)
    rake (10.0.4)
    rb-fsevent (0.9.5)
    rb-inotify (0.9.5)
      ffi (>= 0.5.0)
    rdoc (3.12.2)
      json (~> 1.4)
    redcarpet (3.3.2)
    responders (0.9.3)
      railties (~> 3.1)
    rspec (2.13.0)
      rspec-core (~> 2.13.0)
      rspec-expectations (~> 2.13.0)
      rspec-mocks (~> 2.13.0)
    rspec-cells (0.1.10)
      cells (>= 3.4.0)
      railties (>= 3.0)
      rspec-rails (>= 2.2.0)
    rspec-core (2.13.1)
    rspec-expectations (2.13.0)
      diff-lcs (>= 1.1.3, < 2.0)
    rspec-mocks (2.13.1)
    rspec-rails (2.13.2)
      actionpack (>= 3.0)
      activesupport (>= 3.0)
      railties (>= 3.0)
      rspec-core (~> 2.13.0)
      rspec-expectations (~> 2.13.0)
      rspec-mocks (~> 2.13.0)
    ruby-hmac (0.4.0)
    rubyzip (1.1.7)
    sanitize (2.0.3)
      nokogiri (>= 1.4.4, < 1.6)
    sass (3.4.2)
    sass-rails (3.2.6)
      railties (~> 3.2.0)
      sass (>= 3.1.10)
      tilt (~> 1.3)
    selenium-webdriver (2.45.0)
      childprocess (~> 0.5)
      multi_json (~> 1.0)
      rubyzip (~> 1.0)
      websocket (~> 1.0)
    shoulda-matchers (1.5.6)
      activesupport (>= 3.0.0)
      bourne (~> 1.3)
    sprockets (2.2.3)
      hike (~> 1.2)
      multi_json (~> 1.0)
      rack (~> 1.0)
      tilt (~> 1.1, != 1.3.0)
    stringex (2.0.11)
    test-unit (3.0.8)
      power_assert
    thor (0.19.1)
    tilt (1.4.1)
    treetop (1.4.15)
      polyglot
      polyglot (>= 0.3.1)
    tzinfo (0.3.42)
    uglifier (1.2.7)
      execjs (>= 0.3.0)
      multi_json (~> 1.3)
    unicorn (4.8.3)
      kgio (~> 2.6)
      rack
      raindrops (~> 0.7)
    unicorn-rails (2.1.1)
      rack
      unicorn
    warden (1.2.3)
      rack (>= 1.0)
    websocket (1.2.2)
    xpath (1.0.0)
      nokogiri (~> 1.3)

PLATFORMS
  ruby

DEPENDENCIES
  ZenTest
  autotest
  capybara (~> 2.0.2)
  coffee-rails (~> 3.2.2)
  cucumber-rails
  database_cleaner
  debugger!
  eventmachine (~> 1.0.4)
  factory_girl_rails (~> 4.2.1)
  faye-websocket (~> 0.4.7)
  github_api
  json_spec
  launchy
  locomotive_cms!
  mocha (~> 0.13.0)
  pickle
  poltergeist (~> 1.1.0)
  rspec-cells (= 0.1.10)
  rspec-rails (~> 2.13.0)
  sass-rails (~> 3.2.4)
  shoulda-matchers (~> 1.5.2)
  test-unit
  thor
  uglifier (~> 1.2.4)
  unicorn-rails
