PATH
  remote: .
  specs:
    locomotive_cms (2.0.0.rc11)
      RedCloth (~> 4.2.8)
      actionmailer-with-request (~> 0.3.0)
      bson_ext (~> 1.5.2)
      cancan (= 1.6.7)
      carrierwave-mongoid (~> 0.2.1)
      cells (~> 3.8.0)
      codemirror-rails (~> 2.21)
      custom_fields (~> 2.0.0.rc13)
      devise (~> 2.1.0)
      devise-encryptable (~> 0.1.1)
      dragonfly (~> 0.9.8)
      flash_cookie_session (~> 1.1.1)
      fog (~> 1.3.1)
      formtastic (~> 2.0.2)
      haml (~> 3.1.7)
      highline (~> 1.6.2)
      httparty (~> 0.8.1)
      jquery-rails (~> 1.0.19)
      kaminari (~> 0.13.0)
      locomotive-aloha-rails (~> 0.20.1.4)
      locomotive-mongoid-tree (~> 0.6.2)
      locomotive-tinymce-rails (~> 3.4.7.2)
      locomotive_liquid (~> 2.2.3)
      mimetype-fu (~> 0.1.2)
      mongo (~> 1.5.2)
      mongoid (~> 2.4.12)
      multi_json (~> 1.3.4)
      rack-cache (~> 1.1)
      rails (~> 3.2.8)
      rails-backbone (~> 0.6.1)
      rake (~> 0.9.2)
      responders (~> 0.6.4)
      rmagick (~> 2.12.2)
      sanitize (~> 2.0.3)
      unidecoder (~> 1.1.1)

GEM
  remote: http://rubygems.org/
  specs:
    RedCloth (4.2.9)
    actionmailer (3.2.8)
      actionpack (= 3.2.8)
      mail (~> 2.4.4)
    actionmailer-with-request (0.3.0)
      rails (>= 3)
    actionpack (3.2.8)
      activemodel (= 3.2.8)
      activesupport (= 3.2.8)
      builder (~> 3.0.0)
      erubis (~> 2.7.0)
      journey (~> 1.0.4)
      rack (~> 1.4.0)
      rack-cache (~> 1.2)
      rack-test (~> 0.6.1)
      sprockets (~> 2.1.3)
    activemodel (3.2.8)
      activesupport (= 3.2.8)
      builder (~> 3.0.0)
    activerecord (3.2.8)
      activemodel (= 3.2.8)
      activesupport (= 3.2.8)
      arel (~> 3.0.2)
      tzinfo (~> 0.3.29)
    activeresource (3.2.8)
      activemodel (= 3.2.8)
      activesupport (= 3.2.8)
    activesupport (3.2.8)
      i18n (~> 0.6)
      multi_json (~> 1.0)
    addressable (2.3.2)
    arel (3.0.2)
    bcrypt-ruby (3.0.1)
    bson (1.5.2)
    bson_ext (1.5.2)
      bson (= 1.5.2)
    builder (3.0.0)
    cancan (1.6.7)
    capybara (1.1.2)
      mime-types (>= 1.16)
      nokogiri (>= 1.3.3)
      rack (>= 1.0.0)
      rack-test (>= 0.5.4)
      selenium-webdriver (~> 2.0)
      xpath (~> 0.1.4)
    carrierwave (0.6.2)
      activemodel (>= 3.2.0)
      activesupport (>= 3.2.0)
    carrierwave-mongoid (0.2.1)
      carrierwave (~> 0.6.1)
      mongoid (~> 2.1)
    cells (3.8.5)
      actionpack (~> 3.0)
      railties (~> 3.0)
    childprocess (0.3.5)
      ffi (~> 1.0, >= 1.0.6)
    chunky_png (1.2.6)
    codemirror-rails (2.32)
      railties (~> 3.0)
    coffee-rails (3.2.2)
      coffee-script (>= 2.2.0)
      railties (~> 3.2.0)
    coffee-script (2.2.0)
      coffee-script-source
      execjs
    coffee-script-source (1.3.3)
    compass (0.12.2)
      chunky_png (~> 1.2)
      fssm (>= 0.2.7)
      sass (~> 3.1)
    compass-rails (1.0.3)
      compass (>= 0.12.2, < 0.14)
    cucumber (1.2.1)
      builder (>= 2.1.2)
      diff-lcs (>= 1.1.3)
      gherkin (~> 2.11.0)
      json (>= 1.4.6)
    cucumber-rails (1.3.0)
      capybara (>= 1.1.2)
      cucumber (>= 1.1.8)
      nokogiri (>= 1.5.0)
    custom_fields (2.0.0.rc13)
      activesupport (~> 3.2.1)
      carrierwave-mongoid (~> 0.2.1)
      mongoid (~> 2.4.9)
    database_cleaner (0.8.0)
    devise (2.1.2)
      bcrypt-ruby (~> 3.0)
      orm_adapter (~> 0.1)
      railties (~> 3.1)
      warden (~> 1.2.1)
    devise-encryptable (0.1.1)
      devise (>= 2.1.0.rc)
    diff-lcs (1.1.3)
    dragonfly (0.9.12)
      rack
    ejs (1.0.0)
    erubis (2.7.0)
    eventmachine (0.12.10)
    excon (0.13.4)
    execjs (1.4.0)
      multi_json (~> 1.0)
    factory_girl (2.5.2)
      activesupport (>= 2.3.9)
    factory_girl_rails (1.6.0)
      factory_girl (~> 2.5.0)
      railties (>= 3.0.0)
    faye-websocket (0.4.6)
      eventmachine (>= 0.12.0)
    ffi (1.1.5)
    flash_cookie_session (1.1.3)
      rails (~> 3.0)
    fog (1.3.1)
      builder
      excon (~> 0.13.0)
      formatador (~> 0.2.0)
      mime-types
      multi_json (~> 1.0)
      net-scp (~> 1.0.4)
      net-ssh (>= 2.1.3)
      nokogiri (~> 1.5.0)
      ruby-hmac
    formatador (0.2.3)
    formtastic (2.0.2)
      rails (~> 3.0)
    fssm (0.2.9)
    gherkin (2.11.2)
      json (>= 1.4.6)
    haml (3.1.7)
    highline (1.6.13)
    hike (1.2.1)
    http_parser.rb (0.5.3)
    httparty (0.8.3)
      multi_json (~> 1.0)
      multi_xml
    i18n (0.6.0)
    journey (1.0.4)
    jquery-rails (1.0.19)
      railties (~> 3.0)
      thor (~> 0.14)
    json (1.7.5)
    json_spec (1.0.3)
      multi_json (~> 1.0)
      rspec (~> 2.0)
    kaminari (0.13.0)
      actionpack (>= 3.0.0)
      activesupport (>= 3.0.0)
      railties (>= 3.0.0)
    kgio (2.7.4)
    launchy (2.1.2)
      addressable (~> 2.3)
    libwebsocket (0.1.5)
      addressable
    locomotive-aloha-rails (0.20.1.4)
      actionpack (~> 3.2.1)
    locomotive-mongoid-tree (0.6.2)
      mongoid (~> 2.0)
    locomotive-tinymce-rails (3.4.7.2)
      actionpack (~> 3.0)
    locomotive_liquid (2.2.3)
    mail (2.4.4)
      i18n (>= 0.4.0)
      mime-types (~> 1.16)
      treetop (~> 1.4.8)
    mime-types (1.19)
    mimetype-fu (0.1.2)
    mocha (0.9.12)
    mongo (1.5.2)
      bson (= 1.5.2)
    mongoid (2.4.12)
      activemodel (~> 3.1)
      mongo (<= 1.6.2)
      tzinfo (~> 0.3.22)
    multi_json (1.3.6)
    multi_xml (0.5.1)
    net-scp (1.0.4)
      net-ssh (>= 1.99.1)
    net-ssh (2.5.2)
    nokogiri (1.5.5)
    orm_adapter (0.4.0)
    pickle (0.4.11)
      cucumber (>= 0.8)
      rake
    poltergeist (0.7.0)
      capybara (~> 1.1)
      childprocess (~> 0.3)
      faye-websocket (~> 0.4, >= 0.4.4)
      http_parser.rb (~> 0.5.3)
      multi_json (~> 1.0)
    polyglot (0.3.3)
    rack (1.4.1)
    rack-cache (1.2)
      rack (>= 0.4)
    rack-ssl (1.3.2)
      rack
    rack-test (0.6.1)
      rack (>= 1.0)
    rails (3.2.8)
      actionmailer (= 3.2.8)
      actionpack (= 3.2.8)
      activerecord (= 3.2.8)
      activeresource (= 3.2.8)
      activesupport (= 3.2.8)
      bundler (~> 1.0)
      railties (= 3.2.8)
    rails-backbone (0.6.1)
      coffee-script (~> 2.2.0)
      ejs (~> 1.0.0)
      railties (>= 3.1.0)
    railties (3.2.8)
      actionpack (= 3.2.8)
      activesupport (= 3.2.8)
      rack-ssl (~> 1.3.2)
      rake (>= 0.8.7)
      rdoc (~> 3.4)
      thor (>= 0.14.6, < 2.0)
    raindrops (0.10.0)
    rake (0.9.2.2)
    rdoc (3.12)
      json (~> 1.4)
    responders (0.6.5)
    rmagick (2.12.2)
    rspec (2.8.0)
      rspec-core (~> 2.8.0)
      rspec-expectations (~> 2.8.0)
      rspec-mocks (~> 2.8.0)
    rspec-cells (0.1.2)
      cells (~> 3.4)
      rails (~> 3.0)
      rspec-rails (~> 2.2)
    rspec-core (2.8.0)
    rspec-expectations (2.8.0)
      diff-lcs (~> 1.1.2)
    rspec-mocks (2.8.0)
    rspec-rails (2.8.1)
      actionpack (>= 3.0)
      activesupport (>= 3.0)
      railties (>= 3.0)
      rspec (~> 2.8.0)
    ruby-hmac (0.4.0)
    rubyzip (0.9.9)
    sanitize (2.0.3)
      nokogiri (>= 1.4.4, < 1.6)
    sass (3.2.1)
    sass-rails (3.2.5)
      railties (~> 3.2.0)
      sass (>= 3.1.10)
      tilt (~> 1.3)
    selenium-webdriver (2.25.0)
      childprocess (>= 0.2.5)
      libwebsocket (~> 0.1.3)
      multi_json (~> 1.0)
      rubyzip
    shoulda-matchers (1.2.0)
      activesupport (>= 3.0.0)
    sprockets (2.1.3)
      hike (~> 1.2)
      rack (~> 1.0)
      tilt (~> 1.1, != 1.3.0)
    thor (0.16.0)
    tilt (1.3.3)
    treetop (1.4.10)
      polyglot
      polyglot (>= 0.3.1)
    tzinfo (0.3.33)
    uglifier (1.2.7)
      execjs (>= 0.3.0)
      multi_json (~> 1.3)
    unicorn (4.3.1)
      kgio (~> 2.6)
      rack
      raindrops (~> 0.7)
    unidecoder (1.1.1)
    warden (1.2.1)
      rack (>= 1.0)
    xpath (0.1.4)
      nokogiri (~> 1.3)

PLATFORMS
  ruby

DEPENDENCIES
  capybara
  coffee-rails (~> 3.2.2)
  compass-rails
  cucumber-rails
  database_cleaner
  factory_girl_rails (~> 1.6.0)
  json_spec
  launchy
  locomotive_cms!
  mocha (= 0.9.12)
  pickle
  poltergeist (~> 0.7.0)
  rspec-cells
  rspec-rails (~> 2.8.0)
  sass-rails (~> 3.2.4)
  shoulda-matchers
  uglifier (~> 1.2.4)
  unicorn
  xpath (~> 0.1.4)
